GEM
  remote: https://rubygems.org/
  specs:
    schlib (0.3.0)

PLATFORMS
  ruby

DEPENDENCIES
  schlib

RUBY VERSION
   ruby 2.4.1p111

BUNDLED WITH
   1.14.6
